GEM
  specs:
    breakpoint (2.0.5)
      compass (>= 0.12.1)
      sass (>= 3.2.0)
    chunky_png (1.2.8)
    compass (0.12.2)
      chunky_png (~> 1.2)
      fssm (>= 0.2.7)
      sass (~> 3.1)
    fssm (0.2.10)
    sass (3.2.9)
    sass-css-importer (1.0.0.beta.0)
      sass (>= 3.1)

PLATFORMS
  ruby

DEPENDENCIES
  breakpoint (= 2.0.5)
  sass-css-importer (= 1.0.0.beta.0)
